PATH
  remote: .
  specs:
    everhour2toggl (0.1.0)
      thor

GEM
  remote: https://rubygems.org/
  specs:
    diff-lcs (1.5.0)
    rake (13.0.6)
    rspec (3.11.0)
      rspec-core (~> 3.11.0)
      rspec-expectations (~> 3.11.0)
      rspec-mocks (~> 3.11.0)
    rspec-core (3.11.0)
      rspec-support (~> 3.11.0)
    rspec-expectations (3.11.0)
      diff-lcs (>= 1.2.0, < 2.0)
      rspec-support (~> 3.11.0)
    rspec-mocks (3.11.0)
      diff-lcs (>= 1.2.0, < 2.0)
      rspec-support (~> 3.11.0)
    rspec-support (3.11.0)
    thor (1.2.2)

PLATFORMS
  ruby

DEPENDENCIES
  bundler (~> 2.0)
  everhour2toggl!
  rake (~> 13.0)
  rspec (~> 3.0)

BUNDLED WITH
   1.17.1
